GEM
  remote: https://rubygems.org/
  specs:
    e2mmap (0.1.0)
    pastel (0.8.0)
      tty-color (~> 0.5)
    shell (0.8.1)
      e2mmap
      sync
    sync (0.5.0)
    tty-color (0.6.0)
    tty-cursor (0.7.1)
    tty-prompt (0.23.1)
      pastel (~> 0.8)
      tty-reader (~> 0.8)
    tty-reader (0.9.0)
      tty-cursor (~> 0.7)
      tty-screen (~> 0.8)
      wisper (~> 2.0)
    tty-screen (0.8.2)
    wisper (2.0.1)

PLATFORMS
  ruby
  x86_64-linux

DEPENDENCIES
  shell (~> 0.8.1)
  tty-prompt (~> 0.23.1)

BUNDLED WITH
   2.6.9
